GEM
  remote: https://rubygems.org/
  specs:
    artii (2.1.1)
    aws-sdk (2.3.22)
      aws-sdk-resources (= 2.3.22)
    aws-sdk-core (2.3.22)
      jmespath (~> 1.0)
    aws-sdk-resources (2.3.22)
      aws-sdk-core (= 2.3.22)
    colorize (0.8.1)
    highline (1.7.8)
    jmespath (1.3.0)

PLATFORMS
  ruby

DEPENDENCIES
  artii
  aws-sdk
  colorize
  highline

BUNDLED WITH
   1.12.5
